GEM
  remote: http://gems.ruby-china.org/
  specs:
    actionmailer (4.2.6)
      actionpack (= 4.2.6)
      actionview (= 4.2.6)
      activejob (= 4.2.6)
      mail (~> 2.5, >= 2.5.4)
      rails-dom-testing (~> 1.0, >= 1.0.5)
    actionpack (4.2.6)
      actionview (= 4.2.6)
      activesupport (= 4.2.6)
      rack (~> 1.6)
      rack-test (~> 0.6.2)
      rails-dom-testing (~> 1.0, >= 1.0.5)
      rails-html-sanitizer (~> 1.0, >= 1.0.2)
    actionpack-action_caching (1.1.1)
      actionpack (>= 4.0.0, < 5.0)
    actionpack-xml_parser (1.0.2)
      actionpack (>= 4.0.0, < 5)
    actionview (4.2.6)
      activesupport (= 4.2.6)
      builder (~> 3.1)
      erubis (~> 2.7.0)
      rails-dom-testing (~> 1.0, >= 1.0.5)
      rails-html-sanitizer (~> 1.0, >= 1.0.2)
    activejob (4.2.6)
      activesupport (= 4.2.6)
      globalid (>= 0.3.0)
    activemodel (4.2.6)
      activesupport (= 4.2.6)
      builder (~> 3.1)
    activerecord (4.2.6)
      activemodel (= 4.2.6)
      activesupport (= 4.2.6)
      arel (~> 6.0)
    activesupport (4.2.6)
      i18n (~> 0.7)
      json (~> 1.7, >= 1.7.7)
      minitest (~> 5.1)
      thread_safe (~> 0.3, >= 0.3.4)
      tzinfo (~> 1.1)
    acts-as-taggable-on (2.4.1)
      rails (>= 3, < 5)
    addressable (2.4.0)
    arel (6.0.3)
    awesome_nested_set (3.1.1)
      activerecord (>= 4.0.0, < 5.1)
    builder (3.2.2)
    capybara (2.7.1)
      addressable
      mime-types (>= 1.16)
      nokogiri (>= 1.3.3)
      rack (>= 1.0.0)
      rack-test (>= 0.5.4)
      xpath (~> 2.0)
    chartkick (2.0.2)
    childprocess (0.5.9)
      ffi (~> 1.0, >= 1.0.11)
    coderay (1.1.1)
    concurrent-ruby (1.0.2)
    css_parser (1.3.7)
      addressable
    dav4rack (0.3.0)
      nokogiri (>= 1.4.2)
      rack (>= 1.1.0)
      uuidtools (~> 2.1.1)
    docile (1.1.5)
    erubis (2.7.0)
    execjs (1.4.0)
      multi_json (~> 1.0)
    ffi (1.9.10)
    globalid (0.3.6)
      activesupport (>= 4.1.0)
    groupdate (3.0.2)
      activesupport (>= 3)
    haml (4.0.7)
      tilt
    haml-rails (0.9.0)
      actionpack (>= 4.0.1)
      activesupport (>= 4.0.1)
      haml (>= 4.0.6, < 5.0)
      html2haml (>= 1.0.1)
      railties (>= 4.0.1)
    html2haml (2.0.0)
      erubis (~> 2.7.0)
      haml (~> 4.0.0)
      nokogiri (~> 1.6.0)
      ruby_parser (~> 3.5)
    htmlentities (4.3.1)
    i18n (0.7.0)
    jquery-rails (3.1.4)
      railties (>= 3.0, < 5.0)
      thor (>= 0.14, < 2.0)
    json (1.8.3)
    libv8 (3.16.14.3)
    loofah (2.0.3)
      nokogiri (>= 1.5.9)
    mail (2.6.4)
      mime-types (>= 1.16, < 4)
    metaclass (0.0.4)
    mime-types (3.0)
      mime-types-data (~> 3.2015)
    mime-types-data (3.2016.0221)
    mimemagic (0.3.1)
    mini_portile2 (2.1.0)
    minitest (5.9.0)
    mocha (1.1.0)
      metaclass (~> 0.0.1)
    multi_json (1.12.0)
    mysql2 (0.4.2)
    net-ldap (0.12.1)
    nokogiri (1.6.8)
      mini_portile2 (~> 2.1.0)
      pkg-config (~> 1.1.7)
    pkg-config (1.1.7)
    protected_attributes (1.1.3)
      activemodel (>= 4.0.1, < 5.0)
    rack (1.6.4)
    rack-openid (1.4.2)
      rack (>= 1.1.0)
      ruby-openid (>= 2.1.8)
    rack-test (0.6.3)
      rack (>= 1.0)
    rails (4.2.6)
      actionmailer (= 4.2.6)
      actionpack (= 4.2.6)
      actionview (= 4.2.6)
      activejob (= 4.2.6)
      activemodel (= 4.2.6)
      activerecord (= 4.2.6)
      activesupport (= 4.2.6)
      bundler (>= 1.3.0, < 2.0)
      railties (= 4.2.6)
      sprockets-rails
    rails-deprecated_sanitizer (1.0.3)
      activesupport (>= 4.2.0.alpha)
    rails-dom-testing (1.0.7)
      activesupport (>= 4.2.0.beta, < 5.0)
      nokogiri (~> 1.6.0)
      rails-deprecated_sanitizer (>= 1.0.1)
    rails-html-sanitizer (1.0.3)
      loofah (~> 2.0)
    railties (4.2.6)
      actionpack (= 4.2.6)
      activesupport (= 4.2.6)
      rake (>= 0.8.7)
      thor (>= 0.18.1, < 2.0)
    rake (10.1.1)
    rbpdf (1.19.0)
      htmlentities (= 4.3.1)
      rbpdf-font (~> 1.19.0)
    rbpdf-font (1.19.0)
    rdoc (4.2.0)
      json (~> 1.4)
    redcarpet (3.3.4)
    redmine_acts_as_taggable_on (1.0.0)
      acts-as-taggable-on (>= 2.3, < 2.5)
    redmine_crm (0.0.22)
    ref (1.0.2)
    request_store (1.0.5)
    require_patch (0.1.0)
    rmagick (2.15.4)
    roadie (3.1.1)
      css_parser (~> 1.3.4)
      nokogiri (>= 1.5.0, < 1.7.0)
    roadie-rails (1.1.1)
      railties (>= 3.0, < 5.1)
      roadie (~> 3.1)
    ruby-ole (1.2.12)
    ruby-openid (2.3.0)
    ruby_parser (3.8.2)
      sexp_processor (~> 4.1)
    rubyzip (1.2.0)
    selenium-webdriver (2.53.0)
      childprocess (~> 0.5)
      rubyzip (~> 1.0)
      websocket (~> 1.0)
    sexp_processor (4.7.0)
    simple_enum (2.3.0)
      activesupport (>= 4.0.0)
    simplecov (0.9.2)
      docile (~> 1.1.0)
      multi_json (~> 1.0)
      simplecov-html (~> 0.9.0)
    simplecov-html (0.9.0)
    simplecov-rcov (0.2.3)
      simplecov (>= 0.4.1)
    spreadsheet (0.6.9)
      ruby-ole (>= 1.0)
    sprockets (3.6.3)
      concurrent-ruby (~> 1.0)
      rack (> 1, < 3)
    sprockets-rails (2.3.3)
      actionpack (>= 3.0)
      activesupport (>= 3.0)
      sprockets (>= 2.8, < 4.0)
    therubyracer (0.12.0)
      libv8 (~> 3.16.14.0)
      ref
    thor (0.19.1)
    thread_safe (0.3.5)
    tilt (2.0.5)
    tzinfo (1.2.2)
      thread_safe (~> 0.1)
    uuidtools (2.1.5)
    vcard (0.2.12)
    websocket (1.2.3)
    xpath (2.0.0)
      nokogiri (~> 1.3)
    ya2yaml (0.31)
    yard (0.8.7.6)

PLATFORMS
  ruby

DEPENDENCIES
  actionpack-action_caching
  actionpack-xml_parser
  activerecord-jdbc-adapter (~> 1.3.2)
  activerecord-jdbcmysql-adapter
  awesome_nested_set
  builder (>= 3.0.4)
  capybara
  chartkick
  coderay (~> 1.1.1)
  dav4rack (~> 0.3.0)
  execjs
  groupdate
  haml-rails
  jquery-rails (~> 3.1.4)
  mime-types (~> 3.0)
  mimemagic
  minitest
  mocha
  mysql2 (= 0.4.2)
  net-ldap (~> 0.12.0)
  nokogiri (>= 1.6.7.2)
  protected_attributes
  rack-openid
  rails (= 4.2.6)
  rails-dom-testing
  rails-html-sanitizer (>= 1.0.3)
  rbpdf (~> 1.19.0)
  rdoc (>= 2.4.2)
  redcarpet (~> 3.3.2)
  redmine_acts_as_taggable_on
  redmine_crm
  request_store (= 1.0.5)
  require_patch (~> 0.1.0)
  rmagick (>= 2.14.0)
  roadie-rails
  ruby-openid (~> 2.3.0)
  rubyzip (>= 1.0.0)
  selenium-webdriver
  simple_enum
  simplecov (~> 0.9.1)
  simplecov-rcov
  spreadsheet (~> 0.6.8)
  therubyracer
  tzinfo-data
  uuidtools (~> 2.1.1)
  vcard (~> 0.2.8)
  ya2yaml
  yard

BUNDLED WITH
   1.10.4
